GEM
  specs:
    pdf-core (0.6.1)
    prawn (2.0.2)
      pdf-core (~> 0.6.0)
      ttfunk (~> 1.4.0)
    prawn-labels (1.2.3)
      prawn (~> 2.0.0, >= 1.0.0)
    ttfunk (1.4.0)

PLATFORMS
  ruby

DEPENDENCIES
  prawn-labels

BUNDLED WITH
   1.11.2
